PATH
  remote: .
  specs:
    cloud_lsp (0.1.0)
      ruby-lsp (>= 0.23.0, < 0.24.0)

GEM
  remote: https://rubygems.org/
  specs:
    benchmark (0.4.0)
    date (3.4.1)
    debug (1.10.0)
      irb (~> 1.10)
      reline (>= 0.3.8)
    erubi (1.13.1)
    io-console (0.8.0)
    irb (1.15.1)
      pp (>= 0.6.0)
      rdoc (>= 4.0.0)
      reline (>= 0.4.2)
    language_server-protocol (3.17.0.4)
    logger (1.6.6)
    minitest (5.25.5)
    netrc (0.11.0)
    parallel (1.26.3)
    pp (0.6.2)
      prettyprint
    prettyprint (0.2.0)
    prism (1.4.0)
    psych (5.2.3)
      date
      stringio
    rake (13.2.1)
    rbi (0.3.1)
      prism (~> 1.0)
      rbs (>= 3.4.4)
      sorbet-runtime (>= 0.5.9204)
    rbs (3.9.0)
      logger
    rdoc (6.12.0)
      psych (>= 4.0.0)
    reline (0.6.0)
      io-console (~> 0.5)
    ruby-lsp (0.23.12)
      language_server-protocol (~> 3.17.0)
      prism (>= 1.2, < 2.0)
      rbs (>= 3, < 4)
      sorbet-runtime (>= 0.5.10782)
    sorbet (0.5.11953)
      sorbet-static (= 0.5.11953)
    sorbet-runtime (0.5.11953)
    sorbet-static (0.5.11953-universal-darwin)
    sorbet-static-and-runtime (0.5.11953)
      sorbet (= 0.5.11953)
      sorbet-runtime (= 0.5.11953)
    spoom (1.6.1)
      erubi (>= 1.10.0)
      prism (>= 0.28.0)
      rbi (>= 0.2.3)
      sorbet-static-and-runtime (>= 0.5.10187)
      thor (>= 0.19.2)
    stringio (3.1.5)
    tapioca (0.16.11)
      benchmark
      bundler (>= 2.2.25)
      netrc (>= 0.11.0)
      parallel (>= 1.21.0)
      rbi (~> 0.2)
      sorbet-static-and-runtime (>= 0.5.11087)
      spoom (>= 1.2.0)
      thor (>= 1.2.0)
      yard-sorbet
    thor (1.3.2)
    yard (0.9.37)
    yard-sorbet (0.9.0)
      sorbet-runtime
      yard

PLATFORMS
  arm64-darwin-24
  ruby

DEPENDENCIES
  cloud_lsp!
  debug
  irb
  minitest (~> 5.16)
  rake (~> 13.0)
  sorbet-static-and-runtime
  tapioca

BUNDLED WITH
   2.6.4
